GEM
  remote: https://rubygems.org/
  specs:
    activemodel (3.2.11)
      activesupport (= 3.2.11)
      builder (~> 3.0.0)
    activerecord (3.2.11)
      activemodel (= 3.2.11)
      activesupport (= 3.2.11)
      arel (~> 3.0.2)
      tzinfo (~> 0.3.29)
    activesupport (3.2.11)
      i18n (~> 0.6)
      multi_json (~> 1.0)
    arel (3.0.2)
    builder (3.0.4)
    i18n (0.6.1)
    multi_json (1.5.0)
    mysql2 (0.3.11)
    pg (0.14.1)
    tzinfo (0.3.35)

PLATFORMS
  ruby

DEPENDENCIES
  activemodel (= 3.2.11)
  activerecord (= 3.2.11)
  activesupport (= 3.2.11)
  mysql2
  pg
